GIT
  remote: https://github.com/doabit/semantic-ui-sass.git
  revision: 7d97a3584ab677ff20ea887dbd2e03c4d0eb401d
  specs:
    semantic-ui-sass (2.3.0.0)
      sass (>= 3.2)

GEM
  remote: https://rubygems.org/
  specs:
    actioncable (5.1.5)
      actionpack (= 5.1.5)
      nio4r (~> 2.0)
      websocket-driver (~> 0.6.1)
    actionmailer (5.1.5)
      actionpack (= 5.1.5)
      actionview (= 5.1.5)
      activejob (= 5.1.5)
      mail (~> 2.5, >= 2.5.4)
      rails-dom-testing (~> 2.0)
    actionpack (5.1.5)
      actionview (= 5.1.5)
      activesupport (= 5.1.5)
      rack (~> 2.0)
      rack-test (>= 0.6.3)
      rails-dom-testing (~> 2.0)
      rails-html-sanitizer (~> 1.0, >= 1.0.2)
    actionview (5.1.5)
      activesupport (= 5.1.5)
      builder (~> 3.1)
      erubi (~> 1.4)
      rails-dom-testing (~> 2.0)
      rails-html-sanitizer (~> 1.0, >= 1.0.3)
    activeadmin (1.2.1)
      arbre (>= 1.1.1)
      coffee-rails
      formtastic (~> 3.1)
      formtastic_i18n
      inherited_resources (~> 1.7)
      jquery-rails (>= 4.2.0)
      kaminari (>= 0.15, < 2.0)
      railties (>= 4.2, < 5.2)
      ransack (~> 1.3)
      sass (~> 3.1)
      sprockets (< 4.1)
    activejob (5.1.5)
      activesupport (= 5.1.5)
      globalid (>= 0.3.6)
    activemodel (5.1.5)
      activesupport (= 5.1.5)
    activemodel-serializers-xml (1.0.2)
      activemodel (> 5.x)
      activesupport (> 5.x)
      builder (~> 3.1)
    activerecord (5.1.5)
      activemodel (= 5.1.5)
      activesupport (= 5.1.5)
      arel (~> 8.0)
    activesupport (5.1.5)
      concurrent-ruby (~> 1.0, >= 1.0.2)
      i18n (~> 0.7)
      minitest (~> 5.1)
      tzinfo (~> 1.1)
    addressable (2.5.2)
      public_suffix (>= 2.0.2, < 4.0)
    arbre (1.1.1)
      activesupport (>= 3.0.0)
    arel (8.0.0)
    ast (2.4.0)
    autoprefixer-rails (8.2.0)
      execjs
    awesome_print (1.8.0)
    babel-source (5.8.35)
    babel-transpiler (0.7.0)
      babel-source (>= 4.0, < 6)
      execjs (~> 2.0)
    bcrypt (3.1.11)
    bindex (0.5.0)
    brakeman (4.2.1)
    browserify-rails (4.2.0)
      addressable (>= 2.4.0)
      railties (>= 4.0.0, < 5.2)
      sprockets (>= 3.6.0)
    builder (3.2.3)
    bullet (5.7.5)
      activesupport (>= 3.0.0)
      uniform_notifier (~> 1.11.0)
    bundler-audit (0.6.0)
      bundler (~> 1.2)
      thor (~> 0.18)
    byebug (10.0.1)
    cancancan (2.1.3)
    capybara (2.18.0)
      addressable
      mini_mime (>= 0.1.3)
      nokogiri (>= 1.3.3)
      rack (>= 1.0.0)
      rack-test (>= 0.5.4)
      xpath (>= 2.0, < 4.0)
    carrierwave (1.2.2)
      activemodel (>= 4.0.0)
      activesupport (>= 4.0.0)
      mime-types (>= 1.16)
    childprocess (0.9.0)
      ffi (~> 1.0, >= 1.0.11)
    choice (0.2.0)
    cliver (0.3.2)
    codeclimate-test-reporter (1.0.8)
      simplecov (<= 0.13)
    coderay (1.1.2)
    coffee-rails (4.2.2)
      coffee-script (>= 2.2.0)
      railties (>= 4.0.0)
    coffee-script (2.4.1)
      coffee-script-source
      execjs
    coffee-script-source (1.12.2)
    concurrent-ruby (1.0.5)
    connection_pool (2.2.1)
    crack (0.4.3)
      safe_yaml (~> 1.0.0)
    crass (1.0.3)
    css_parser (1.6.0)
      addressable
    database_cleaner (1.6.2)
    decent_decoration (0.1.0)
      decent_exposure (~> 3.0)
    decent_exposure (3.0.2)
      activesupport (>= 4.0)
    devise (4.4.3)
      bcrypt (~> 3.0)
      orm_adapter (~> 0.1)
      railties (>= 4.1.0, < 6.0)
      responders
      warden (~> 1.2.3)
    devise-i18n (1.6.1)
      devise (>= 4.4)
    docile (1.1.5)
    dotenv (2.2.1)
    dotenv-rails (2.2.1)
      dotenv (= 2.2.1)
      railties (>= 3.2, < 5.2)
    draper (3.0.1)
      actionpack (~> 5.0)
      activemodel (~> 5.0)
      activemodel-serializers-xml (~> 1.0)
      activesupport (~> 5.0)
      request_store (~> 1.0)
    email_spec (2.1.1)
      htmlentities (~> 4.3.3)
      launchy (~> 2.1)
      mail (~> 2.6)
    erubi (1.7.1)
    et-orbi (1.1.0)
      tzinfo
    execjs (2.7.0)
    factory_bot (4.8.2)
      activesupport (>= 3.0.0)
    factory_bot_rails (4.8.2)
      factory_bot (~> 4.8.2)
      railties (>= 3.0.0)
    faker (1.8.7)
      i18n (>= 0.7)
    ffi (1.9.23)
    file_validators (2.1.0)
      activemodel (>= 3.0)
      mime-types (>= 1.0)
    flamegraph (0.9.5)
    formtastic (3.1.5)
      actionpack (>= 3.2.13)
    formtastic_i18n (0.6.0)
    formulaic (0.4.0)
      activesupport
      capybara
      i18n
    foundation_emails (2.2.1.0)
    globalid (0.4.1)
      activesupport (>= 4.2.0)
    gon (6.2.0)
      actionpack (>= 3.0)
      multi_json
      request_store (>= 1.0)
    has_scope (0.7.1)
      actionpack (>= 4.1, < 5.2)
      activesupport (>= 4.1, < 5.2)
    hashdiff (0.3.7)
    health_check (3.0.0)
      railties (>= 5.0)
    htmlentities (4.3.4)
    i18n (0.9.5)
      concurrent-ruby (~> 1.0)
    i18n-js (3.0.5)
      i18n (>= 0.6.6, < 2)
    i18n-spec (0.6.0)
      iso
    inherited_resources (1.8.0)
      actionpack (>= 4.2, <= 5.2)
      has_scope (~> 0.6)
      railties (>= 4.2, <= 5.2)
      responders
    inky-rb (1.3.7.2)
      foundation_emails (~> 2)
      nokogiri
    innertube (1.1.0)
    interactor (3.1.0)
    iso (0.2.2)
      i18n
    jbuilder (2.7.0)
      activesupport (>= 4.2.0)
      multi_json (>= 1.2)
    joiner (0.3.4)
      activerecord (>= 4.1.0)
    jquery-rails (4.3.1)
      rails-dom-testing (>= 1, < 3)
      railties (>= 4.2.0)
      thor (>= 0.14, < 2.0)
    jquery-turbolinks (2.1.0)
      railties (>= 3.1.0)
      turbolinks
    json (2.1.0)
    kaminari (1.1.1)
      activesupport (>= 4.1.0)
      kaminari-actionview (= 1.1.1)
      kaminari-activerecord (= 1.1.1)
      kaminari-core (= 1.1.1)
    kaminari-actionview (1.1.1)
      actionview
      kaminari-core (= 1.1.1)
    kaminari-activerecord (1.1.1)
      activerecord
      kaminari-core (= 1.1.1)
    kaminari-core (1.1.1)
    kaminari-i18n (0.5.0)
      kaminari
      rails
    launchy (2.4.3)
      addressable (~> 2.3)
    letter_opener (1.6.0)
      launchy (~> 2.2)
    libv8 (3.16.14.19)
    listen (3.1.5)
      rb-fsevent (~> 0.9, >= 0.9.4)
      rb-inotify (~> 0.9, >= 0.9.7)
      ruby_dep (~> 1.2)
    loofah (2.2.2)
      crass (~> 1.0.2)
      nokogiri (>= 1.5.9)
    mail (2.7.0)
      mini_mime (>= 0.1.1)
    memory_profiler (0.9.10)
    meta-tags (2.8.0)
      actionpack (>= 3.2.0, < 5.3)
    method_source (0.9.0)
    middleware (0.1.0)
    mime-types (3.1)
      mime-types-data (~> 3.2015)
    mime-types-data (3.2016.0521)
    mini_magick (4.8.0)
    mini_mime (1.0.0)
    mini_portile2 (2.3.0)
    minitest (5.11.3)
    mono_logger (1.1.0)
    multi_json (1.13.1)
    mustermann (1.0.2)
    mysql2 (0.5.0)
    newrelic_rpm (4.8.0.341)
    nio4r (2.3.0)
    nokogiri (1.8.2)
      mini_portile2 (~> 2.3.0)
    oj (3.5.0)
    orm_adapter (0.5.0)
    parallel (1.12.1)
    parser (2.5.0.5)
      ast (~> 2.4.0)
    pg (0.21.0)
    poltergeist (1.17.0)
      capybara (~> 2.1)
      cliver (~> 0.3.1)
      websocket-driver (>= 0.2.0)
    polyamorous (1.3.3)
      activerecord (>= 3.0)
    powerpack (0.1.1)
    premailer (1.11.1)
      addressable
      css_parser (>= 1.6.0)
      htmlentities (>= 4.0.0)
    premailer-rails (1.10.2)
      actionmailer (>= 3, < 6)
      premailer (~> 1.7, >= 1.7.9)
    pry (0.11.3)
      coderay (~> 1.1.0)
      method_source (~> 0.9.0)
    pry-rails (0.3.6)
      pry (>= 0.10.4)
    public_suffix (3.0.2)
    puma (3.11.3)
    rack (2.0.4)
    rack-protection (2.0.1)
      rack
    rack-test (0.8.3)
      rack (>= 1.0, < 3)
    rails (5.1.5)
      actioncable (= 5.1.5)
      actionmailer (= 5.1.5)
      actionpack (= 5.1.5)
      actionview (= 5.1.5)
      activejob (= 5.1.5)
      activemodel (= 5.1.5)
      activerecord (= 5.1.5)
      activesupport (= 5.1.5)
      bundler (>= 1.3.0)
      railties (= 5.1.5)
      sprockets-rails (>= 2.0.0)
    rails-dom-testing (2.0.3)
      activesupport (>= 4.2.0)
      nokogiri (>= 1.6)
    rails-erd (1.5.2)
      activerecord (>= 3.2)
      activesupport (>= 3.2)
      choice (~> 0.2.0)
      ruby-graphviz (~> 1.2)
    rails-html-sanitizer (1.0.4)
      loofah (~> 2.2, >= 2.2.2)
    rails-i18n (5.1.1)
      i18n (>= 0.7, < 2)
      railties (>= 5.0, < 6)
    rails-i18n-updater (1.0.1)
      actionpack
      activesupport
      rails
    railties (5.1.5)
      actionpack (= 5.1.5)
      activesupport (= 5.1.5)
      method_source
      rake (>= 0.8.7)
      thor (>= 0.18.1, < 2.0)
    rainbow (3.0.0)
    rake (12.3.1)
    ransack (1.8.8)
      actionpack (>= 3.0)
      activerecord (>= 3.0)
      activesupport (>= 3.0)
      i18n
      polyamorous (~> 1.3.2)
    rb-fsevent (0.10.3)
    rb-inotify (0.9.10)
      ffi (>= 0.5.0, < 2)
    rdoc (6.0.2)
    react-rails (2.4.4)
      babel-transpiler (>= 0.7.0)
      connection_pool
      execjs
      railties (>= 3.2)
      tilt
    redis (4.0.1)
    redis-namespace (1.6.0)
      redis (>= 3.0.4)
    ref (2.0.0)
    request_store (1.4.1)
      rack (>= 1.4)
    responders (2.4.0)
      actionpack (>= 4.2.0, < 5.3)
      railties (>= 4.2.0, < 5.3)
    resque (1.27.4)
      mono_logger (~> 1.0)
      multi_json (~> 1.0)
      redis-namespace (~> 1.3)
      sinatra (>= 0.9.2)
      vegas (~> 0.1.2)
    resque-scheduler (4.3.1)
      mono_logger (~> 1.0)
      redis (>= 3.3, < 5)
      resque (~> 1.26)
      rufus-scheduler (~> 3.2)
    riddle (2.3.1)
    rolify (5.2.0)
    rollbar (2.15.5)
      multi_json
    rubocop (0.54.0)
      parallel (~> 1.10)
      parser (>= 2.5)
      powerpack (~> 0.1)
      rainbow (>= 2.2.2, < 4.0)
      ruby-progressbar (~> 1.7)
      unicode-display_width (~> 1.0, >= 1.0.1)
    ruby-graphviz (1.2.3)
    ruby-progressbar (1.9.0)
    ruby_dep (1.5.0)
    rubyzip (1.2.1)
    rufus-scheduler (3.4.2)
      et-orbi (~> 1.0)
    safe_yaml (1.0.4)
    sass (3.5.6)
      sass-listen (~> 4.0.0)
    sass-listen (4.0.0)
      rb-fsevent (~> 0.9, >= 0.9.4)
      rb-inotify (~> 0.9, >= 0.9.7)
    sass-rails (5.0.7)
      railties (>= 4.0.0, < 6)
      sass (~> 3.1)
      sprockets (>= 2.8, < 4.0)
      sprockets-rails (>= 2.0, < 4.0)
      tilt (>= 1.1, < 3)
    scss_lint (0.57.0)
      rake (>= 0.9, < 13)
      sass (~> 3.5.5)
    selenium-webdriver (3.11.0)
      childprocess (~> 0.5)
      rubyzip (~> 1.2)
    shoulda (2.11.3)
    shoulda-matchers (3.1.2)
      activesupport (>= 4.0.0)
    simplecov (0.13.0)
      docile (~> 1.1.0)
      json (>= 1.8, < 3)
      simplecov-html (~> 0.10.0)
    simplecov-html (0.10.2)
    sinatra (2.0.1)
      mustermann (~> 1.0)
      rack (~> 2.0)
      rack-protection (= 2.0.1)
      tilt (~> 2.0)
    slim (3.0.9)
      temple (>= 0.7.6, < 0.9)
      tilt (>= 1.3.3, < 2.1)
    slim-rails (3.1.3)
      actionpack (>= 3.1)
      railties (>= 3.1)
      slim (~> 3.0)
    slim_lint (0.15.1)
      rake (>= 10, < 13)
      rubocop (>= 0.50.0)
      slim (~> 3.0)
      sysexits (~> 1.1)
    spring (2.0.2)
      activesupport (>= 4.2)
    spring-watcher-listen (2.0.1)
      listen (>= 2.7, < 4.0)
      spring (>= 1.2, < 3.0)
    sprockets (3.7.1)
      concurrent-ruby (~> 1.0)
      rack (> 1, < 3)
    sprockets-rails (3.2.1)
      actionpack (>= 4.0)
      activesupport (>= 4.0)
      sprockets (>= 3.0.0)
    stackprof (0.2.11)
    sysexits (1.2.0)
    temple (0.8.0)
    therubyracer (0.12.3)
      libv8 (~> 3.16.14.15)
      ref
    thinking-sphinx (3.4.2)
      activerecord (>= 3.1.0)
      builder (>= 2.1.2)
      innertube (>= 1.0.2)
      joiner (>= 0.2.0)
      middleware (>= 0.1.0)
      riddle (>= 2.0.0)
    thor (0.20.0)
    thread_safe (0.3.6)
    tilt (2.0.8)
    turbolinks (5.1.0)
      turbolinks-source (~> 5.1)
    turbolinks-source (5.1.0)
    tzinfo (1.2.5)
      thread_safe (~> 0.1)
    uglifier (4.1.8)
      execjs (>= 0.3.0, < 3)
    unicode-display_width (1.3.0)
    uniform_notifier (1.11.0)
    vegas (0.1.11)
      rack (>= 1.0.0)
    warden (1.2.7)
      rack (>= 1.0)
    web-console (3.5.1)
      actionview (>= 5.0)
      activemodel (>= 5.0)
      bindex (>= 0.4.0)
      railties (>= 5.0)
    webmock (3.3.0)
      addressable (>= 2.3.6)
      crack (>= 0.3.2)
      hashdiff
    websocket-driver (0.6.5)
      websocket-extensions (>= 0.1.0)
    websocket-extensions (0.1.3)
    xpath (3.0.0)
      nokogiri (~> 1.8)

PLATFORMS
  ruby

DEPENDENCIES
  activeadmin
  autoprefixer-rails
  awesome_print
  brakeman
  browserify-rails
  bullet
  bundler
  bundler-audit
  byebug
  cancancan
  capybara
  carrierwave
  codeclimate-test-reporter
  database_cleaner
  decent_decoration
  decent_exposure
  devise
  devise-i18n
  dotenv-rails
  draper
  email_spec
  factory_bot_rails
  faker
  file_validators
  flamegraph
  formulaic
  gon
  health_check
  i18n-js
  i18n-spec
  inky-rb
  interactor
  jbuilder
  jdbc-mysql
  jquery-rails
  jquery-turbolinks
  kaminari
  kaminari-i18n
  letter_opener
  listen (>= 3.0.5, < 3.2)
  memory_profiler
  meta-tags
  mini_magick
  mysql2
  newrelic_rpm
  oj
  pg (~> 0.21)
  poltergeist
  premailer-rails
  pry-rails
  puma
  rails
  rails-erd
  rails-i18n (~> 5.1)
  rails-i18n-updater
  rdoc
  react-rails
  redis
  responders
  resque
  resque-scheduler
  rolify
  rollbar
  rubocop
  sass-rails
  scss_lint
  selenium-webdriver
  semantic-ui-sass!
  shoulda
  shoulda-matchers
  slim-rails
  slim_lint
  spring
  spring-watcher-listen
  stackprof
  therubyracer
  thinking-sphinx
  turbolinks
  tzinfo-data
  uglifier
  web-console
  webmock

BUNDLED WITH
   1.16.1
